GEM
  remote: https://rubygems.org/
  specs:
    dotenv (2.5.0)
    fcm (0.0.6)
      httparty (~> 0.10, >= 0.10.0)
    httparty (0.16.3)
      mime-types (~> 3.0)
      multi_xml (>= 0.5.2)
    mime-types (3.2.2)
      mime-types-data (~> 3.2015)
    mime-types-data (3.2018.0812)
    multi_xml (0.6.0)

PLATFORMS
  ruby

DEPENDENCIES
  dotenv
  fcm

BUNDLED WITH
   1.17.1
